GEM
  remote: https://rubygems.org/
  specs:
    addressable (2.3.5)
    ansi (1.4.3)
    aws-sdk (1.34.0)
      json (~> 1.4)
      nokogiri (>= 1.4.4)
      uuidtools (~> 2.1)
    boxen (2.3.0)
      ansi (~> 1.4)
      hiera (~> 1.0)
      highline (~> 1.6)
      json_pure (>= 1.7.7, < 2.0)
      librarian-puppet (~> 0.9.9)
      octokit (~> 2.3.0)
      puppet (~> 3.0)
    builder (3.2.2)
    facter (1.7.5)
    faraday (0.9.0)
      multipart-post (>= 1.2, < 3)
    hiera (1.3.1)
      json_pure
    highline (1.6.20)
    json (1.8.1)
    json_pure (1.8.1)
    librarian (0.1.2)
      highline
      thor (~> 0.15)
    librarian-puppet (0.9.13)
      json
      librarian (>= 0.1.2)
      open3_backport
    mini_portile (0.5.2)
    multipart-post (2.0.0)
    net-ssh (2.8.0)
    nokogiri (1.6.1)
      mini_portile (~> 0.5.0)
    octokit (2.3.1)
      sawyer (~> 0.5.1)
    open3_backport (0.0.3)
      open4 (~> 1.3.0)
    open4 (1.3.1)
    puppet (3.4.2)
      facter (~> 1.6)
      hiera (~> 1.0)
      rgen (~> 0.6.5)
    rbvmomi (1.8.1)
      builder
      nokogiri (>= 1.4.1)
      trollop
    rgen (0.6.6)
    sawyer (0.5.3)
      addressable (~> 2.3.5)
      faraday (~> 0.8, < 0.10)
    thor (0.18.1)
    trollop (2.0)
    uuidtools (2.1.4)

PLATFORMS
  ruby

DEPENDENCIES
  aws-sdk
  boxen (~> 2.3.0)
  net-ssh
  open4 (~> 1.3)
  rbvmomi
